GEM
  remote: https://rubygems.org/
  specs:
    rake (12.3.0)
    rubyzip (1.2.1)

PLATFORMS
  x64-mingw32

DEPENDENCIES
  rake
  rubyzip (>= 1.0.0)

BUNDLED WITH
   1.14.3
